PATH
  remote: .
  specs:
    latex_curriculum_vitae (2.1.2)
      bundler (~> 1.16)
      parseconfig (~> 1.0)
      rainbow (~> 3.0)
      rake (~> 12.3)
      rdoc (~> 6.0)
      rspec (~> 3.7)
      xdg (~> 2.2)

GEM
  remote: https://rubygems.org/
  specs:
    diff-lcs (1.3)
    parseconfig (1.0.8)
    rainbow (3.0.0)
    rake (12.3.1)
    rdoc (6.0.4)
    rspec (3.8.0)
      rspec-core (~> 3.8.0)
      rspec-expectations (~> 3.8.0)
      rspec-mocks (~> 3.8.0)
    rspec-core (3.8.0)
      rspec-support (~> 3.8.0)
    rspec-expectations (3.8.2)
      diff-lcs (>= 1.2.0, < 2.0)
      rspec-support (~> 3.8.0)
    rspec-mocks (3.8.0)
      diff-lcs (>= 1.2.0, < 2.0)
      rspec-support (~> 3.8.0)
    rspec-support (3.8.0)
    xdg (2.2.3)

PLATFORMS
  x64-mingw32

DEPENDENCIES
  latex_curriculum_vitae!

BUNDLED WITH
   1.17.1
